GEM
  remote: https://rubygems.org/
  specs:
    activesupport (4.1.7)
      i18n (~> 0.6, >= 0.6.9)
      json (~> 1.7, >= 1.7.7)
      minitest (~> 5.1)
      thread_safe (~> 0.1)
      tzinfo (~> 1.1)
    aws-sdk (1.57.0)
      aws-sdk-v1 (= 1.57.0)
    aws-sdk-v1 (1.57.0)
      json (~> 1.4)
      nokogiri (>= 1.4.4)
    dotenv (1.0.2)
    echonest-ruby-api (0.7.0)
      httparty
      multi_json
    firebase (0.2.3)
      httpclient
      json
    hashie (1.1.0)
    httparty (0.8.3)
      multi_json (~> 1.0)
      multi_xml
    httpclient (2.6.0.1)
    i18n (0.6.11)
    id3tag (0.8.0)
    json (1.8.1)
    lastfm (1.25.0)
      activesupport (>= 3.2.0)
      httparty
      xml-simple
    mini_portile (0.6.0)
    minitest (5.4.2)
    multi_json (1.10.1)
    multi_xml (0.5.5)
    musicbrainz-ruby (0.4.0)
      hashie (~> 1.1.0)
      httparty (~> 0.8.0)
    nokogiri (1.6.3.1)
      mini_portile (= 0.6.0)
    thread_safe (0.3.4)
    tzinfo (1.2.2)
      thread_safe (~> 0.1)
    xml-simple (1.1.4)

PLATFORMS
  ruby

DEPENDENCIES
  activesupport
  aws-sdk
  dotenv
  echonest-ruby-api
  firebase
  id3tag
  lastfm
  musicbrainz-ruby
